NUGET
  remote: https://nuget.org/api/v2
  specs:
    FAKE (3.23.0)
    FSharp.Compiler.Service (0.0.86)
    FSharp.Core (3.1.2.1)
    FSharp.Formatting (2.7.5)
      FSharp.Compiler.Service (>= 0.0.82)
      FSharpVSPowerTools.Core (>= 1.7.0)
    FSharpVSPowerTools.Core (1.7.0)
      FSharp.Compiler.Service (>= 0.0.81)
    NuGet.CommandLine (2.8.3)
    NUnit (2.6.4)
    NUnit.Runners (2.6.4)
    Unquote (2.2.2)
    Yaaf.AdvancedBuilding (0.5.0)
      FAKE (3.23.0)
      FSharp.Compiler.Service (0.0.86)
      FSharp.Formatting (2.7.5)
      FSharpVSPowerTools.Core (1.7.0)
